GEM
  remote: https://rubygems.org/
  specs:
    faraday (0.8.11)
      multipart-post (~> 1.2.0)
    github_api (0.6.4)
      faraday (~> 0.8.1)
      hashie (~> 1.2.0)
      multi_json (~> 1.3)
      nokogiri (~> 1.5.2)
      oauth2
    hashie (1.2.0)
    jwt (2.5.0)
    kgio (2.7.4)
    multi_json (1.15.0)
    multi_xml (0.6.0)
    multipart-post (1.2.0)
    mustermann (2.0.2)
      ruby2_keywords (~> 0.0.1)
    nokogiri (1.5.5)
    oauth2 (1.4.8)
      faraday (>= 0.8, < 3.0)
      jwt (>= 1.0, < 3.0)
      multi_json (~> 1.3)
      multi_xml (~> 0.5)
      rack (>= 1.2, < 3)
    rack (2.2.4)
    rack-protection (2.2.3)
      rack
    raindrops (0.10.0)
    ruby2_keywords (0.0.5)
    sinatra (2.2.3)
      mustermann (~> 2.0)
      rack (~> 2.2)
      rack-protection (= 2.2.3)
      tilt (~> 2.0)
    tilt (2.0.11)
    unicorn (4.3.1)
      kgio (~> 2.6)
      rack
      raindrops (~> 0.7)

PLATFORMS
  ruby

DEPENDENCIES
  github_api
  sinatra
  unicorn
